GEM
  remote: http://rubygems.org/
  specs:
    haml (3.1.4)
    json (1.5.4)
    rack (1.1.0)
    shotgun (0.9)
      rack (>= 1.0)
    sinatra (1.2.6)
      rack (~> 1.1)
      tilt (>= 1.2.2, < 2.0)
    tilt (1.3.3)

PLATFORMS
  ruby

DEPENDENCIES
  haml
  json
  rack (= 1.1)
  shotgun
  sinatra
